GIT
  remote: https://github.com/lacasebiocoutras/jekyll-picture-tag
  revision: d3f9864fff2517a0c1e60b53b8ef96d53598e275
  branch: master
  specs:
    jekyll-picture-tag (0.3.0)
      fastimage (~> 2.0.1)
      jekyll (< 4)
      mini_magick (~> 4.5.0)

GEM
  remote: https://rubygems.org/
  specs:
    addressable (2.5.0)
      public_suffix (~> 2.0, >= 2.0.2)
    autoprefixer-rails (6.6.1)
      execjs
    breakpoint (2.7.1)
      sass (~> 3.3)
      sassy-maps (< 1.0.0)
    colorator (1.1.0)
    concurrent-ruby (1.0.4)
    execjs (2.7.0)
    extras (0.1.0)
      forwardable-extended (~> 2.5)
    fastimage (2.0.1)
      addressable (~> 2)
    ffi (1.9.17)
    forwardable-extended (2.6.0)
    jekyll (3.3.1)
      addressable (~> 2.4)
      colorator (~> 1.0)
      jekyll-sass-converter (~> 1.0)
      jekyll-watch (~> 1.1)
      kramdown (~> 1.3)
      liquid (~> 3.0)
      mercenary (~> 0.3.3)
      pathutil (~> 0.9)
      rouge (~> 1.7)
      safe_yaml (~> 1.0)
    jekyll-assets (2.2.8)
      extras (~> 0.1)
      fastimage (~> 2.0, >= 1.8)
      jekyll (~> 3.1, >= 3.0)
      pathutil (>= 0.8)
      rack (> 1, < 2)
      sprockets (~> 3.3, < 3.7)
    jekyll-sass-converter (1.5.0)
      sass (~> 3.4)
    jekyll-sitemap (1.0.0)
      jekyll (~> 3.3)
    jekyll-watch (1.5.0)
      listen (~> 3.0, < 3.1)
    kramdown (1.13.2)
    liquid (3.0.6)
    listen (3.0.8)
      rb-fsevent (~> 0.9, >= 0.9.4)
      rb-inotify (~> 0.9, >= 0.9.7)
    mercenary (0.3.6)
    mini_magick (4.5.1)
    pathutil (0.14.0)
      forwardable-extended (~> 2.6)
    public_suffix (2.0.5)
    rack (1.6.5)
    rb-fsevent (0.9.8)
    rb-inotify (0.9.8)
      ffi (>= 0.5.0)
    rouge (1.11.1)
    safe_yaml (1.0.4)
    sass (3.4.23)
    sassy-maps (0.4.0)
      sass (~> 3.3)
    sprockets (3.6.3)
      concurrent-ruby (~> 1.0)
      rack (> 1, < 3)
    stringex (2.7.1)
    uglifier (3.0.4)
      execjs (>= 0.3.0, < 3)

PLATFORMS
  ruby

DEPENDENCIES
  autoprefixer-rails (~> 6.6.1)
  breakpoint (~> 2.7.1)
  jekyll (~> 3.3.1)
  jekyll-assets (~> 2.2.8)
  jekyll-picture-tag!
  jekyll-sitemap (~> 1.0.0)
  stringex (~> 2.6)
  uglifier (~> 3.0.4)

BUNDLED WITH
   1.13.7
